GEM
  remote: https://rubygems.org/
  specs:
    age_wizard (0.9.2)
    bmi (0.2.0)

PLATFORMS
  ruby

DEPENDENCIES
  age_wizard
  bmi

BUNDLED WITH
   1.16.1
